GEM
  remote: https://rubygems.org/
  specs:
    actionpack (4.2.10)
      actionview (= 4.2.10)
      activesupport (= 4.2.10)
      rack (~> 1.6)
      rack-test (~> 0.6.2)
      rails-dom-testing (~> 1.0, >= 1.0.5)
      rails-html-sanitizer (~> 1.0, >= 1.0.2)
    actionview (4.2.10)
      activesupport (= 4.2.10)
      builder (~> 3.1)
      erubis (~> 2.7.0)
      rails-dom-testing (~> 1.0, >= 1.0.5)
      rails-html-sanitizer (~> 1.0, >= 1.0.3)
    activemodel (4.2.10)
      activesupport (= 4.2.10)
      builder (~> 3.1)
    activerecord (4.2.10)
      activemodel (= 4.2.10)
      activesupport (= 4.2.10)
      arel (~> 6.0)
    activesupport (4.2.10)
      i18n (~> 0.7)
      minitest (~> 5.1)
      thread_safe (~> 0.3, >= 0.3.4)
      tzinfo (~> 1.1)
    arel (6.0.4)
    bcrypt (3.1.12)
    better_errors (2.5.1)
      coderay (>= 1.0.0)
      erubi (>= 1.0.0)
      rack (>= 0.9.0)
    bootsnap (1.4.1)
      msgpack (~> 1.0)
    builder (3.2.3)
    coderay (1.1.2)
    concurrent-ruby (1.1.4)
    crass (1.0.4)
    diff-lcs (1.3)
    erubi (1.8.0)
    erubis (2.7.0)
    factory_bot (5.0.2)
      activesupport (>= 4.2.0)
    factory_bot_rails (5.0.1)
      factory_bot (~> 5.0.0)
      railties (>= 4.2.0)
    has_secure_token (1.0.0)
      activerecord (>= 3.0)
    i18n (0.9.5)
      concurrent-ruby (~> 1.0)
    kgio (2.11.2)
    loofah (2.2.3)
      crass (~> 1.0.2)
      nokogiri (>= 1.5.9)
    method_source (0.9.2)
    mini_portile2 (2.4.0)
    minitest (5.11.3)
    msgpack (1.2.7)
    nokogiri (1.10.1)
      mini_portile2 (~> 2.4.0)
    pg (0.21.0)
    pry (0.12.2)
      coderay (~> 1.1.0)
      method_source (~> 0.9.0)
    pry-rails (0.3.9)
      pry (>= 0.10.4)
    rabl (0.14.0)
      activesupport (>= 2.3.14)
    rack (1.6.11)
    rack-test (0.6.3)
      rack (>= 1.0)
    rails-api (0.4.1)
      actionpack (>= 3.2.11)
      railties (>= 3.2.11)
    rails-deprecated_sanitizer (1.0.3)
      activesupport (>= 4.2.0.alpha)
    rails-dom-testing (1.0.9)
      activesupport (>= 4.2.0, < 5.0)
      nokogiri (~> 1.6)
      rails-deprecated_sanitizer (>= 1.0.1)
    rails-html-sanitizer (1.0.4)
      loofah (~> 2.2, >= 2.2.2)
    railties (4.2.10)
      actionpack (= 4.2.10)
      activesupport (= 4.2.10)
      rake (>= 0.8.7)
      thor (>= 0.18.1, < 2.0)
    raindrops (0.19.0)
    rake (12.3.2)
    rspec (3.8.0)
      rspec-core (~> 3.8.0)
      rspec-expectations (~> 3.8.0)
      rspec-mocks (~> 3.8.0)
    rspec-core (3.8.0)
      rspec-support (~> 3.8.0)
    rspec-expectations (3.8.2)
      diff-lcs (>= 1.2.0, < 2.0)
      rspec-support (~> 3.8.0)
    rspec-mocks (3.8.0)
      diff-lcs (>= 1.2.0, < 2.0)
      rspec-support (~> 3.8.0)
    rspec-rails (3.8.2)
      actionpack (>= 3.0)
      activesupport (>= 3.0)
      railties (>= 3.0)
      rspec-core (~> 3.8.0)
      rspec-expectations (~> 3.8.0)
      rspec-mocks (~> 3.8.0)
      rspec-support (~> 3.8.0)
    rspec-support (3.8.0)
    shoulda-matchers (4.0.1)
      activesupport (>= 4.2.0)
    thor (0.20.3)
    thread_safe (0.3.6)
    tzinfo (1.2.5)
      thread_safe (~> 0.1)
    unicorn (5.5.0)
      kgio (~> 2.6)
      raindrops (~> 0.7)
    unicorn-rails (2.2.1)
      rack
      unicorn

PLATFORMS
  ruby

DEPENDENCIES
  actionpack (= 4.2.10)
  actionview (= 4.2.10)
  activemodel (= 4.2.10)
  activerecord (= 4.2.10)
  activesupport (= 4.2.10)
  bcrypt (~> 3.1)
  better_errors (~> 2.5)
  bootsnap (~> 1.4)
  factory_bot_rails (~> 5.0)
  has_secure_token (~> 1.0)
  pg (~> 0.21)
  pry-rails (~> 0.3)
  rabl (~> 0.14)
  rails-api (= 0.4.1)
  railties (= 4.2.10)
  rspec (~> 3.8)
  rspec-rails (~> 3.8)
  shoulda-matchers (~> 4.0)
  unicorn-rails (~> 2.2)

BUNDLED WITH
   1.17.3
